GEM
  remote: https://rubygems.org/
  specs:
    sorbet-static (0.5.10621-universal-darwin-20)
    sorbet-static (0.5.10621-universal-darwin-21)
    sorbet-static (0.5.10621-x86_64-linux)

PLATFORMS
  arm64-darwin-20
  arm64-darwin-21
  x86_64-darwin-20
  x86_64-darwin-21
  x86_64-linux

DEPENDENCIES
  sorbet-static

BUNDLED WITH
   2.4.3
